GEM
  remote: http://rubygems.org/
  specs:
    actioncable (5.1.0)
      actionpack (= 5.1.0)
      nio4r (~> 2.0)
      websocket-driver (~> 0.6.1)
    actionmailer (5.1.0)
      actionpack (= 5.1.0)
      actionview (= 5.1.0)
      activejob (= 5.1.0)
      mail (~> 2.5, >= 2.5.4)
      rails-dom-testing (~> 2.0)
    actionpack (5.1.0)
      actionview (= 5.1.0)
      activesupport (= 5.1.0)
      rack (~> 2.0)
      rack-test (~> 0.6.3)
      rails-dom-testing (~> 2.0)
      rails-html-sanitizer (~> 1.0, >= 1.0.2)
    actionview (5.1.0)
      activesupport (= 5.1.0)
      builder (~> 3.1)
      erubi (~> 1.4)
      rails-dom-testing (~> 2.0)
      rails-html-sanitizer (~> 1.0, >= 1.0.3)
    activejob (5.1.0)
      activesupport (= 5.1.0)
      globalid (>= 0.3.6)
    activemodel (5.1.0)
      activesupport (= 5.1.0)
    activerecord (5.1.0)
      activemodel (= 5.1.0)
      activesupport (= 5.1.0)
      arel (~> 8.0)
    activesupport (5.1.0)
      concurrent-ruby (~> 1.0, >= 1.0.2)
      i18n (~> 0.7)
      minitest (~> 5.1)
      tzinfo (~> 1.1)
    addressable (2.5.1)
      public_suffix (~> 2.0, >= 2.0.2)
    archive-zip (0.7.0)
      io-like (~> 0.3.0)
    arel (8.0.0)
    autoprefixer-rails (7.1.2.3)
      execjs
    awesome_print (1.8.0)
    bcrypt (3.1.11)
    better_errors (2.3.0)
      coderay (>= 1.0.0)
      erubi (>= 1.0.0)
      rack (>= 0.9.0)
    binding_of_caller (0.7.2)
      debug_inspector (>= 0.0.1)
    bootstrap-sass (3.3.7)
      autoprefixer-rails (>= 5.2.1)
      sass (>= 3.3.4)
    bootstrap_form (2.7.0)
    bootswatch-rails (3.3.5)
      railties (>= 3.1)
    builder (3.2.3)
    capybara (2.13.0)
      addressable
      mime-types (>= 1.16)
      nokogiri (>= 1.3.3)
      rack (>= 1.0.0)
      rack-test (>= 0.5.4)
      xpath (~> 2.0)
    capybara-email (2.5.0)
      capybara (~> 2.4)
      mail
    capybara-webkit (1.14.0)
      capybara (>= 2.3.0, < 2.14.0)
      json
    chromedriver-helper (1.1.0)
      archive-zip (~> 0.7.0)
      nokogiri (~> 1.6)
    coderay (1.1.1)
    concurrent-ruby (1.0.5)
    connection_pool (2.2.1)
    crack (0.4.3)
      safe_yaml (~> 1.0.0)
    daemons (1.2.4)
    database_cleaner (1.4.1)
    debug_inspector (0.0.3)
    diff-lcs (1.3)
    em-websocket (0.5.1)
      eventmachine (>= 0.12.9)
      http_parser.rb (~> 0.6.0)
    erubi (1.6.1)
    eventmachine (1.2.5)
    execjs (2.7.0)
    fabrication (2.16.2)
    faker (1.8.4)
      i18n (~> 0.5)
    ffi (1.9.18)
    font-awesome-rails (4.7.0.2)
      railties (>= 3.2, < 5.2)
    foreman (0.84.0)
      thor (~> 0.19.1)
    formatador (0.2.5)
    gemcutter (0.7.1)
    globalid (0.4.0)
      activesupport (>= 4.2.0)
    guard (2.14.1)
      formatador (>= 0.2.4)
      listen (>= 2.7, < 4.0)
      lumberjack (~> 1.0)
      nenv (~> 0.1)
      notiffany (~> 0.0)
      pry (>= 0.9.12)
      shellany (~> 0.0)
      thor (>= 0.18.1)
    guard-compat (1.2.1)
    guard-livereload (2.5.2)
      em-websocket (~> 0.5)
      guard (~> 2.8)
      guard-compat (~> 1.0)
      multi_json (~> 1.8)
    haml (5.0.2)
      temple (>= 0.8.0)
      tilt
    hashdiff (0.3.4)
    http_parser.rb (0.6.0)
    i18n (0.8.6)
    io-like (0.3.0)
    jquery-rails (4.3.1)
      rails-dom-testing (>= 1, < 3)
      railties (>= 4.2.0)
      thor (>= 0.14, < 2.0)
    json (1.8.6)
    launchy (2.4.3)
      addressable (~> 2.3)
    letter_opener (1.4.1)
      launchy (~> 2.2)
    listen (3.1.5)
      rb-fsevent (~> 0.9, >= 0.9.4)
      rb-inotify (~> 0.9, >= 0.9.7)
      ruby_dep (~> 1.2)
    loofah (2.0.3)
      nokogiri (>= 1.5.9)
    lumberjack (1.0.12)
    mail (2.6.6)
      mime-types (>= 1.16, < 4)
    method_source (0.8.2)
    mime-types (3.1)
      mime-types-data (~> 3.2015)
    mime-types-data (3.2016.0521)
    mini_portile2 (2.2.0)
    minitest (5.10.3)
    multi_json (1.12.1)
    nenv (0.3.0)
    nio4r (2.1.0)
    nokogiri (1.8.0)
      mini_portile2 (~> 2.2.0)
    notiffany (0.1.1)
      nenv (~> 0.1)
      shellany (~> 0.0)
    pg (0.21.0)
    pry (0.10.4)
      coderay (~> 1.1.0)
      method_source (~> 0.8.1)
      slop (~> 3.4)
    pry-nav (0.2.4)
      pry (>= 0.9.10, < 0.11.0)
    public_suffix (2.0.5)
    puma (3.9.1)
    rack (2.0.3)
    rack-livereload (0.3.16)
      rack
    rack-protection (2.0.0)
      rack
    rack-test (0.6.3)
      rack (>= 1.0)
    rails (5.1.0)
      actioncable (= 5.1.0)
      actionmailer (= 5.1.0)
      actionpack (= 5.1.0)
      actionview (= 5.1.0)
      activejob (= 5.1.0)
      activemodel (= 5.1.0)
      activerecord (= 5.1.0)
      activesupport (= 5.1.0)
      bundler (>= 1.3.0, < 2.0)
      railties (= 5.1.0)
      sprockets-rails (>= 2.0.0)
    rails-dom-testing (2.0.3)
      activesupport (>= 4.2.0)
      nokogiri (>= 1.6)
    rails-html-sanitizer (1.0.3)
      loofah (~> 2.0)
    rails_12factor (0.0.3)
      rails_serve_static_assets
      rails_stdout_logging
    rails_serve_static_assets (0.0.5)
    rails_stdout_logging (0.0.5)
    railties (5.1.0)
      actionpack (= 5.1.0)
      activesupport (= 5.1.0)
      method_source
      rake (>= 0.8.7)
      thor (>= 0.18.1, < 2.0)
    rake (12.0.0)
    rb-fsevent (0.10.2)
    rb-inotify (0.9.10)
      ffi (>= 0.5.0, < 2)
    rdoc (4.3.0)
    redis (3.3.3)
    rspec-core (3.6.0)
      rspec-support (~> 3.6.0)
    rspec-expectations (3.6.0)
      diff-lcs (>= 1.2.0, < 2.0)
      rspec-support (~> 3.6.0)
    rspec-mocks (3.6.0)
      diff-lcs (>= 1.2.0, < 2.0)
      rspec-support (~> 3.6.0)
    rspec-rails (3.6.0)
      actionpack (>= 3.0)
      activesupport (>= 3.0)
      railties (>= 3.0)
      rspec-core (~> 3.6.0)
      rspec-expectations (~> 3.6.0)
      rspec-mocks (~> 3.6.0)
      rspec-support (~> 3.6.0)
    rspec-support (3.6.0)
    ruby_dep (1.5.0)
    safe_yaml (1.0.4)
    sass (3.5.1)
      sass-listen (~> 4.0.0)
    sass-listen (4.0.0)
      rb-fsevent (~> 0.9, >= 0.9.4)
      rb-inotify (~> 0.9, >= 0.9.7)
    sass-rails (5.0.6)
      railties (>= 4.0.0, < 6)
      sass (~> 3.1)
      sprockets (>= 2.8, < 4.0)
      sprockets-rails (>= 2.0, < 4.0)
      tilt (>= 1.1, < 3)
    sdoc (0.4.2)
      json (~> 1.7, >= 1.7.7)
      rdoc (~> 4.0)
    shellany (0.0.1)
    shoulda-matchers (2.7.0)
      activesupport (>= 3.0.0)
    sidekiq (4.2.10)
      concurrent-ruby (~> 1.0)
      connection_pool (~> 2.2, >= 2.2.0)
      rack-protection (>= 1.5.0)
      redis (~> 3.2, >= 3.2.1)
    slop (3.6.0)
    sprockets (3.7.1)
      concurrent-ruby (~> 1.0)
      rack (> 1, < 3)
    sprockets-rails (3.2.0)
      actionpack (>= 4.0)
      activesupport (>= 4.0)
      sprockets (>= 3.0.0)
    temple (0.8.0)
    thin (1.7.2)
      daemons (~> 1.0, >= 1.0.9)
      eventmachine (~> 1.0, >= 1.0.4)
      rack (>= 1, < 3)
    thor (0.19.4)
    thread_safe (0.3.6)
    tilt (2.0.8)
    turbolinks (5.0.1)
      turbolinks-source (~> 5)
    turbolinks-source (5.0.3)
    tzinfo (1.2.3)
      thread_safe (~> 0.1)
    uglifier (3.2.0)
      execjs (>= 0.3.0, < 3)
    vcr (3.0.3)
    voteable_pkuttiya (0.0.0)
    webmock (3.0.1)
      addressable (>= 2.3.6)
      crack (>= 0.3.2)
      hashdiff
    websocket-driver (0.6.5)
      websocket-extensions (>= 0.1.0)
    websocket-extensions (0.1.2)
    xpath (2.1.0)
      nokogiri (~> 1.3)

PLATFORMS
  ruby

DEPENDENCIES
  awesome_print
  bcrypt
  better_errors
  binding_of_caller
  bootstrap-sass (~> 3.3.6)
  bootstrap_form
  bootswatch-rails
  capybara
  capybara-email
  capybara-webkit
  chromedriver-helper
  database_cleaner (= 1.4.1)
  fabrication
  faker
  font-awesome-rails
  foreman
  gemcutter (~> 0.7.1)
  guard
  guard-livereload
  haml
  jquery-rails
  launchy
  letter_opener
  pg
  pry
  pry-nav
  puma
  rack-livereload
  rails (= 5.1.0)
  rails_12factor
  rspec-rails (~> 3.5)
  sass-rails
  sdoc
  shoulda-matchers (= 2.7.0)
  sidekiq (= 4.2.10)
  thin
  turbolinks
  uglifier
  vcr (= 3.0.3)
  voteable_pkuttiya
  webmock

RUBY VERSION
   ruby 2.2.7p470

BUNDLED WITH
   1.15.1
